PATH
  remote: .
  specs:
    ip2bin (0.1.0)
      thor (~> 1.2)

GEM
  remote: https://rubygems.org/
  specs:
    diff-lcs (1.5.0)
    rake (13.0.6)
    rbs (3.2.0)
    rspec (3.4.0)
      rspec-core (~> 3.4.0)
      rspec-expectations (~> 3.4.0)
      rspec-mocks (~> 3.4.0)
    rspec-core (3.4.4)
      rspec-support (~> 3.4.0)
    rspec-expectations (3.4.0)
      diff-lcs (>= 1.2.0, < 2.0)
      rspec-support (~> 3.4.0)
    rspec-mocks (3.4.1)
      diff-lcs (>= 1.2.0, < 2.0)
      rspec-support (~> 3.4.0)
    rspec-support (3.4.1)
    thor (1.2.2)
    typeprof (0.21.8)
      rbs (>= 1.8.1)

PLATFORMS
  arm64-darwin-22
  x86_64-linux

DEPENDENCIES
  bundler (~> 2.4.18)
  ip2bin!
  rake (~> 13.0.6)
  rbs (~> 3.2.0)
  rspec (~> 3.4.0)
  typeprof (~> 0.21.7)

BUNDLED WITH
   2.4.18
